GEM
  remote: http://rubygems.org/
  specs:
    activesupport (3.0.0)
    daemons (1.1.0)
    hoe (2.6.2)
      rake (>= 0.8.7)
      rubyforge (>= 2.0.4)
    i18n (0.4.1)
    json (1.4.6)
    json_pure (1.4.6)
    mail (2.2.6.1)
      activesupport (>= 2.3.6)
      mime-types
      treetop (>= 1.4.5)
    mailtrap (0.2.1)
      daemons (>= 1.0.8)
      hoe (>= 1.3.0)
      trollop (>= 1.7)
    mime-types (1.16)
    mocha (0.9.8)
      rake
    polyglot (0.3.1)
    rack (1.2.1)
    rack-test (0.5.4)
      rack (>= 1.0)
    rake (0.8.7)
    rubyforge (2.0.4)
      json_pure (>= 1.1.7)
    treetop (1.4.8)
      polyglot (>= 0.3.1)
    trollop (1.16.2)

PLATFORMS
  ruby

DEPENDENCIES
  i18n
  json
  mail
  mailtrap
  mocha
  rack
  rack-test
